PATH
  remote: .
  specs:
    csv2strings (0.2)
      thor

GEM
  remote: http://rubygems.org/
  specs:
    metaclass (0.0.1)
    mocha (0.10.5)
      metaclass (~> 0.0.1)
    multi_json (1.3.6)
    rake (0.9.2.2)
    simplecov (0.6.4)
      multi_json (~> 1.0)
      simplecov-html (~> 0.5.3)
    simplecov-html (0.5.3)
    test-unit (2.4.8)
    thor (0.17.0)

PLATFORMS
  ruby

DEPENDENCIES
  csv2strings!
  mocha
  rake
  simplecov
  test-unit
